GEM
  remote: https://rubygems.org/
  specs:
    device (0.0.0)
    mac-say (0.2.1)

PLATFORMS
  ruby

DEPENDENCIES
  device
  mac-say

BUNDLED WITH
   1.16.1
